GEM
  remote: https://rubygems.org/
  specs:
    bluecloth (2.2.0)
    comp_tree (1.1.3)
    diff-lcs (1.2.5)
    drake (0.9.2.0.3.1)
      comp_tree (>= 1.1.3)
    paint (1.0.1)
    rack (1.6.12)
    rspec (2.14.1)
      rspec-core (~> 2.14.0)
      rspec-expectations (~> 2.14.0)
      rspec-mocks (~> 2.14.0)
    rspec-core (2.14.8)
    rspec-expectations (2.14.5)
      diff-lcs (>= 1.1.3, < 2.0)
    rspec-mocks (2.14.6)

PLATFORMS
  ruby

DEPENDENCIES
  bluecloth
  drake
  paint
  rack (< 2.0)
  rspec

BUNDLED WITH
   1.13.6
