GEM
  remote: https://rubygems.org/
  specs:
    bluecloth (2.2.0)
    diff-lcs (1.2.5)
    paint (1.0.1)
    rack (2.1.4)
    rake (13.0.3)
    rspec (2.14.1)
      rspec-core (~> 2.14.0)
      rspec-expectations (~> 2.14.0)
      rspec-mocks (~> 2.14.0)
    rspec-core (2.14.8)
    rspec-expectations (2.14.5)
      diff-lcs (>= 1.1.3, < 2.0)
    rspec-mocks (2.14.6)
    webrick (1.7.0)

PLATFORMS
  ruby

DEPENDENCIES
  bluecloth
  paint
  rack (< 3.0)
  rake
  rspec
  webrick (~> 1.7)

BUNDLED WITH
   1.17.3
