GEM
  remote: https://rubygems.org/
  specs:
    diff-lcs (1.5.0)
    paint (2.3.0)
    rack (2.2.6.4)
    rake (13.0.6)
    rspec (3.0.0)
      rspec-core (~> 3.0.0)
      rspec-expectations (~> 3.0.0)
      rspec-mocks (~> 3.0.0)
    rspec-core (3.0.4)
      rspec-support (~> 3.0.0)
    rspec-expectations (3.0.4)
      diff-lcs (>= 1.2.0, < 2.0)
      rspec-support (~> 3.0.0)
    rspec-mocks (3.0.4)
      rspec-support (~> 3.0.0)
    rspec-support (3.0.4)
    webrick (1.7.0)

PLATFORMS
  ruby

DEPENDENCIES
  paint
  rack (< 3.0)
  rake
  rspec (~> 3.0.0)
  webrick (~> 1.7)

BUNDLED WITH
   2.2.0
